GEM
  remote: https://rubygems.org/
  specs:
    activemodel (3.0.5)
      activesupport (= 3.0.5)
      builder (~> 2.1.2)
      i18n (~> 0.4)
    activesupport (3.0.5)
    addressable (2.3.4)
    bson (1.9.0)
    builder (2.1.2)
    diff-lcs (1.2.4)
    i18n (0.4.2)
    kgio (2.8.0)
    launchy (2.3.0)
      addressable (~> 2.3)
    maruku (0.6.1)
      syntax (>= 1.0.0)
    mongo (1.9.0)
      bson (~> 1.9.0)
    mongo_mapper (0.12.0)
      activemodel (~> 3.0)
      activesupport (~> 3.0)
      plucky (~> 0.5.2)
    mongomapper_ext (0.5.2)
      i18n (~> 0.4.1)
      mongo_mapper (~> 0.8)
      mongo_mapper (~> 0.8)
      tzinfo (~> 0.3)
      uuidtools (>= 2.0.0)
      uuidtools (~> 2.0.0)
    plucky (0.5.2)
      mongo (~> 1.5)
    rack (1.5.2)
    raindrops (0.11.0)
    rake (10.0.4)
    rspec (2.13.0)
      rspec-core (~> 2.13.0)
      rspec-expectations (~> 2.13.0)
      rspec-mocks (~> 2.13.0)
    rspec-core (2.13.1)
    rspec-expectations (2.13.0)
      diff-lcs (>= 1.1.3, < 2.0)
    rspec-mocks (2.13.1)
    syntax (1.0.0)
    tzinfo (0.3.37)
    unicorn (4.6.2)
      kgio (~> 2.6)
      rack
      raindrops (~> 0.7)
    uuidtools (2.0.0)
      launchy (>= 0.3.2)
      rake (>= 0.8.3)
      rspec (>= 1.1.11)

PLATFORMS
  ruby

DEPENDENCIES
  maruku
  mongomapper_ext
  rake
  rspec
  syntax
  unicorn
